GEM
  remote: https://rubygems.org/
  specs:
    atk (3.3.1)
      glib2 (= 3.3.1)
    cairo (1.16.2)
      native-package-installer (>= 1.0.3)
      pkg-config (>= 1.2.2)
    cairo-gobject (3.3.1)
      cairo (>= 1.16.2)
      glib2 (= 3.3.1)
    coderay (1.1.2)
    diff-lcs (1.3)
    gdk3 (3.3.1)
      cairo-gobject (= 3.3.1)
      gdk_pixbuf2 (= 3.3.1)
      pango (= 3.3.1)
    gdk_pixbuf2 (3.3.1)
      gio2 (= 3.3.1)
    gio2 (3.3.1)
      gobject-introspection (= 3.3.1)
    glib2 (3.3.1)
      native-package-installer (>= 1.0.3)
      pkg-config (>= 1.2.2)
    gobject-introspection (3.3.1)
      glib2 (= 3.3.1)
    gtk3 (3.3.1)
      atk (= 3.3.1)
      gdk3 (= 3.3.1)
      gdk_pixbuf2 (= 3.3.1)
      gio2 (= 3.3.1)
      pango (= 3.3.1)
    method_source (0.9.2)
    native-package-installer (1.0.6)
    pango (3.3.1)
      cairo-gobject (= 3.3.1)
      gobject-introspection (= 3.3.1)
    pkg-config (1.3.2)
    pry (0.12.2)
      coderay (~> 1.1.0)
      method_source (~> 0.9.0)
    rspec (3.8.0)
      rspec-core (~> 3.8.0)
      rspec-expectations (~> 3.8.0)
      rspec-mocks (~> 3.8.0)
    rspec-core (3.8.0)
      rspec-support (~> 3.8.0)
    rspec-expectations (3.8.2)
      diff-lcs (>= 1.2.0, < 2.0)
      rspec-support (~> 3.8.0)
    rspec-mocks (3.8.0)
      diff-lcs (>= 1.2.0, < 2.0)
      rspec-support (~> 3.8.0)
    rspec-support (3.8.0)

PLATFORMS
  ruby

DEPENDENCIES
  gtk3
  pry
  rspec

BUNDLED WITH
   1.17.2
